GEM
  remote: https://rubygems.org/
  specs:
    addressable (2.8.7)
      public_suffix (>= 2.0.2, < 7.0)
    deb_version (1.0.2)
    json-schema (4.3.0)
      addressable (>= 2.8)
    pastel (0.8.0)
      tty-color (~> 0.5)
    public_suffix (6.0.0)
    semver_dialects (3.2.0)
      deb_version (~> 1.0.1)
      pastel (~> 0.8.0)
      thor (~> 1.3)
      tty-command (~> 0.10.1)
    thor (1.3.1)
    tty-color (0.6.0)
    tty-command (0.10.1)
      pastel (~> 0.8)

PLATFORMS
  x86_64-darwin-20
  x86_64-darwin-21
  x86_64-linux

DEPENDENCIES
  json-schema
  semver_dialects (= 3.2.0)

BUNDLED WITH
   2.2.22
